{
  "PowerLineFrequency": 50,
  "SoftwareFilters": {
    "FilterDescription": {
      "Description": "n/a"
    }
  },
  "EEGPlacementScheme": "10-20",
  "EEGReference": "Active",
  "CapManufacturer": "BioWolf + IDUN Technologies",
  "InstitutionAddress": "Trento, Italy",
  "InstitutionalDepartmentName": "Center for Mind/Brain Sciences",
  "InstitutionName": "University of Trento",
  "TaskName": "unnamed",
  "EEGChannelCount": 8,
  "RecordingType": "continuous",
  "RecordingDuration": 1094.582,
  "SamplingFrequency": 1000,
  "EOGChannelCount": 0,
  "ECGChannelCount": 0,
  "EMGChannelCount": 0
}